GEM
  remote: https://rubygems.org/
  specs:
    connection_pool (2.2.2)
    diffy (3.3.0)
    domain_name (0.5.20190701)
      unf (>= 0.0.5, < 1.0.0)
    event_bus (1.1.1)
    http-cookie (1.0.3)
      domain_name (~> 0.5)
    mail (2.7.1)
      mini_mime (>= 0.1.1)
    mechanize (2.7.6)
      domain_name (~> 0.5, >= 0.5.1)
      http-cookie (~> 1.0)
      mime-types (>= 1.17.2)
      net-http-digest_auth (~> 1.1, >= 1.1.1)
      net-http-persistent (>= 2.5.2)
      nokogiri (~> 1.6)
      ntlm-http (~> 0.1, >= 0.1.1)
      webrobots (>= 0.0.9, < 0.2)
    mime-types (3.2.2)
      mime-types-data (~> 3.2015)
    mime-types-data (3.2019.0331)
    mini_mime (1.0.1)
    mini_portile2 (2.4.0)
    net-http-digest_auth (1.4.1)
    net-http-persistent (3.1.0)
      connection_pool (~> 2.2)
    nokogiri (1.10.7-x64-mingw32)
      mini_portile2 (~> 2.4.0)
    ntlm-http (0.1.1)
    open_uri_redirections (0.2.1)
    unf (0.1.4)
      unf_ext
    unf_ext (0.0.7.5-x64-mingw32)
    webrobots (0.1.2)

PLATFORMS
  x64-mingw32

DEPENDENCIES
  diffy
  event_bus
  http-cookie
  mail
  mechanize
  nokogiri (~> 1.10, >= 1.10.7)
  open_uri_redirections

BUNDLED WITH
   2.0.2
