GEM
  remote: https://rubygems.org/
  specs:
    addressable (2.8.1)
      public_suffix (>= 2.0.2, < 6.0)
    connection_pool (2.2.2)
    diffy (3.3.0)
    domain_name (0.5.20190701)
      unf (>= 0.0.5, < 1.0.0)
    event_bus (1.1.1)
    http-cookie (1.0.5)
      domain_name (~> 0.5)
    logger (1.5.1)
    mail (2.7.1)
      mini_mime (>= 0.1.1)
    mechanize (2.8.5)
      addressable (~> 2.8)
      domain_name (~> 0.5, >= 0.5.20190701)
      http-cookie (~> 1.0, >= 1.0.3)
      mime-types (~> 3.0)
      net-http-digest_auth (~> 1.4, >= 1.4.1)
      net-http-persistent (>= 2.5.2, < 5.0.dev)
      nokogiri (~> 1.11, >= 1.11.2)
      rubyntlm (~> 0.6, >= 0.6.3)
      webrick (~> 1.7)
      webrobots (~> 0.1.2)
    mime-types (3.4.1)
      mime-types-data (~> 3.2015)
    mime-types-data (3.2019.0331)
    mini_mime (1.0.1)
    mini_portile2 (2.8.0)
    net-http-digest_auth (1.4.1)
    net-http-persistent (4.0.1)
      connection_pool (~> 2.2)
    nokogiri (1.13.9)
      mini_portile2 (~> 2.8.0)
      racc (~> 1.4)
    open_uri_redirections (0.2.1)
    public_suffix (5.0.0)
    racc (1.6.0)
    rubyntlm (0.6.3)
    unf (0.1.4)
      unf_ext
    unf_ext (0.0.8.2)
    webrick (1.7.0)
    webrobots (0.1.2)

PLATFORMS
  x64-mingw32
  x86_64-linux

DEPENDENCIES
  diffy
  event_bus
  http-cookie
  logger
  mail
  mechanize
  nokogiri (~> 1.13)
  open_uri_redirections

BUNDLED WITH
   2.0.2
